GEM
  remote: https://rubygems.org/
  specs:
    backports (3.23.0)
    erubis (2.7.0)
    ffi (1.15.5)
    listen (3.7.1)
      rb-fsevent (~> 0.10, >= 0.10.3)
      rb-inotify (~> 0.9, >= 0.9.10)
    minitest (5.16.3)
    multi_json (1.15.0)
    nio4r (2.5.8)
    puma (6.0.0)
      nio4r (~> 2.0)
    rack (1.6.13)
    rack-protection (1.5.5)
      rack
    rack-test (2.0.2)
      rack (>= 1.3)
    rb-fsevent (0.11.2)
    rb-inotify (0.10.1)
      ffi (~> 1.0)
    rerun (0.13.1)
      listen (~> 3.0)
    sinatra (1.4.8)
      rack (~> 1.5)
      rack-protection (~> 1.4)
      tilt (>= 1.3, < 3)
    sinatra-contrib (1.4.7)
      backports (>= 2.0)
      multi_json
      rack-protection
      rack-test
      sinatra (~> 1.4.0)
      tilt (>= 1.3, < 3)
    tilt (2.0.11)

PLATFORMS
  arm64-darwin-21
  x86_64-linux

DEPENDENCIES
  erubis
  minitest
  puma
  rack-test
  rerun
  sinatra (~> 1.4.7)
  sinatra-contrib

BUNDLED WITH
   2.3.22
